GEM
  remote: https://rubygems.org/
  specs:
    colored (1.2)
    cri (2.6.0)
      colored (~> 1.2)
    kramdown (1.3.3)
    nanoc (3.6.8)
      cri (~> 2.3)
    posix-spawn (0.3.8)
    pygments.rb (0.5.4)
      posix-spawn (~> 0.3.6)
      yajl-ruby (~> 1.1.0)
    yajl-ruby (1.1.0)

PLATFORMS
  ruby

DEPENDENCIES
  kramdown
  nanoc
  pygments.rb
